GEM
  remote: https://rubygems.org/
  specs:
    builder (3.2.3)
    cucumber (2.4.0)
      builder (>= 2.1.2)
      cucumber-core (~> 1.5.0)
      cucumber-wire (~> 0.0.1)
      diff-lcs (>= 1.1.3)
      gherkin (~> 4.0)
      multi_json (>= 1.7.5, < 2.0)
      multi_test (>= 0.1.2)
    cucumber-core (1.5.0)
      gherkin (~> 4.0)
    cucumber-wire (0.0.1)
    diff-lcs (1.3)
    domain_name (0.5.20160128)
      unf (>= 0.0.5, < 1.0.0)
    gherkin (4.0.0)
    http-cookie (1.0.2)
      domain_name (~> 0.5)
    json (2.1.0)
    mime-types (2.99)
    multi_json (1.12.1)
    multi_test (0.1.2)
    netrc (0.11.0)
    power_assert (1.1.1)
    rest-client (1.8.0)
      http-cookie (>= 1.0.2, < 2.0)
      mime-types (>= 1.16, < 3.0)
      netrc (~> 0.7)
    test-unit (3.2.6)
      power_assert
    unf (0.1.4)
      unf_ext
    unf_ext (0.0.7.2)

PLATFORMS
  ruby

DEPENDENCIES
  bundler
  cucumber
  json (~> 2.1.0)
  rest-client
  test-unit

BUNDLED WITH
   1.14.4
